GEM
  remote: http://rubygems.org/
  specs:
    activemodel (3.0.7)
      activesupport (= 3.0.7)
      builder (~> 2.1.2)
      i18n (~> 0.5.0)
    activerecord (3.0.7)
      activemodel (= 3.0.7)
      activesupport (= 3.0.7)
      arel (~> 2.0.2)
      tzinfo (~> 0.3.23)
    activesupport (3.0.7)
    arel (2.0.9)
    builder (2.1.2)
    cucumber (0.10.2)
      builder (>= 2.1.2)
      diff-lcs (>= 1.1.2)
      gherkin (>= 2.3.5)
      json (>= 1.4.6)
      term-ansicolor (>= 1.0.5)
    diff-lcs (1.1.2)
    gherkin (2.3.5)
      json (>= 1.4.6)
    git (1.2.5)
    i18n (0.5.0)
    jeweler (1.5.1)
      bundler (~> 1.0.0)
      git (>= 1.2.5)
      rake
    json (1.5.1)
    mysql2 (0.2.5)
    rake (0.8.7)
    term-ansicolor (1.0.5)
    tzinfo (0.3.26)

PLATFORMS
  ruby

DEPENDENCIES
  activemodel
  activerecord
  cucumber
  jeweler (= 1.5.1)
  mysql2
